GEM
  remote: http://rubygems.org/
  specs:
    adsf (1.0.1)
      rack (>= 1.0.0)
    cri (1.0.1)
    heredoc_unindent (1.1.2)
    kramdown (0.13.3)
    mime-types (1.16)
    nanoc (3.1.7)
      nanoc3 (>= 3.1.7)
    nanoc3 (3.1.7)
      cri (>= 1.0.0)
    rack (1.3.0)
    sass (3.1.2)

PLATFORMS
  ruby

DEPENDENCIES
  adsf
  heredoc_unindent
  kramdown
  mime-types
  nanoc
  sass
